GEM
  remote: https://rubygems.org/
  specs:
    builder (3.2.2)
    jwt (1.5.4)
    le (2.7.2)
    multi_json (1.12.1)
    rack (1.6.4)
    rack-protection (1.5.3)
      rack
    shotgun (0.9.1)
      rack (>= 1.0)
    sinatra (1.4.7)
      rack (~> 1.5)
      rack-protection (~> 1.4)
      tilt (>= 1.3, < 3)
    sinatra-logentries (0.0.2)
      le (>= 2.1.6)
    tilt (2.0.2)
    twilio-ruby (4.11.1)
      builder (>= 2.1.2)
      jwt (~> 1.0)
      multi_json (>= 1.3.0)

PLATFORMS
  ruby

DEPENDENCIES
  bundler
  shotgun
  sinatra
  sinatra-logentries
  twilio-ruby

BUNDLED WITH
   1.12.5
